PATH
  remote: .
  specs:
    unity-cqmq (0.1.0)
      concurrent-ruby (~> 1.1)
      connection_pool (~> 2.2)

GEM
  remote: https://rubygems.org/
  specs:
    aws-eventstream (1.2.0)
    aws-partitions (1.497.0)
    aws-sdk-core (3.121.0)
      aws-eventstream (~> 1, >= 1.0.2)
      aws-partitions (~> 1, >= 1.239.0)
      aws-sigv4 (~> 1.1)
      jmespath (~> 1.0)
    aws-sdk-sqs (1.42.0)
      aws-sdk-core (~> 3, >= 3.119.0)
      aws-sigv4 (~> 1.1)
    aws-sigv4 (1.4.0)
      aws-eventstream (~> 1, >= 1.0.2)
    coderay (1.1.3)
    concurrent-ruby (1.1.9)
    connection_pool (2.2.5)
    jmespath (1.4.0)
    method_source (1.0.0)
    oj (3.13.9)
    ox (2.14.5)
    pry (0.14.1)
      coderay (~> 1.1)
      method_source (~> 1.0)
    rake (13.0.6)

PLATFORMS
  x86_64-darwin-20

DEPENDENCIES
  aws-sdk-sqs
  oj
  ox
  pry
  rake (~> 13.0)
  unity-cqmq!

BUNDLED WITH
   2.2.3
